GEM
  remote: http://rubygems.org/
  specs:
    json (1.4.6-x86-mingw32)
    rack (1.2.1)
    sinatra (1.0)
      rack (>= 1.0)
    sqlite3-ruby (1.3.1-x86-mingw32)

PLATFORMS
  x86-mingw32

DEPENDENCIES
  json
  sinatra
  sqlite3-ruby
